PATH
  remote: .
  specs:
    krakend-openapi-importer (0.4.0)
      thor (~> 1.2)

GEM
  remote: https://rubygems.org/
  specs:
    ast (2.4.2)
    awesome_print (1.9.2)
    bump (0.10.0)
    fakefs (2.0.0)
    json (2.6.2)
    minitest (5.13.0)
    parallel (1.22.1)
    parser (3.1.2.1)
      ast (~> 2.4.1)
    rainbow (3.1.1)
    rake (13.0.6)
    regexp_parser (2.6.1)
    rexml (3.2.5)
    rubocop (1.39.0)
      json (~> 2.3)
      parallel (~> 1.10)
      parser (>= 3.1.2.1)
      rainbow (>= 2.2.2, < 4.0)
      regexp_parser (>= 1.8, < 3.0)
      rexml (>= 3.2.5, < 4.0)
      rubocop-ast (>= 1.23.0, < 2.0)
      ruby-progressbar (~> 1.7)
      unicode-display_width (>= 1.4.0, < 3.0)
    rubocop-ast (1.23.0)
      parser (>= 3.1.1.0)
    ruby-progressbar (1.11.0)
    thor (1.2.1)
    unicode-display_width (2.3.0)

PLATFORMS
  ruby
  x86_64-darwin-20
  x86_64-darwin-21

DEPENDENCIES
  awesome_print
  bump (~> 0.10.0)
  fakefs (~> 2.0)
  krakend-openapi-importer!
  minitest (~> 5.13)
  rake (~> 13.0)
  rubocop

BUNDLED WITH
   2.1.4
